GEM
  remote: https://rubygems.org/
  specs:
    activesupport (4.0.0)
      i18n (~> 0.6, >= 0.6.4)
      minitest (~> 4.2)
      multi_json (~> 1.3)
      thread_safe (~> 0.1)
      tzinfo (~> 0.3.37)
    atomic (1.1.14)
    childprocess (0.3.9)
      ffi (~> 1.0, >= 1.0.11)
    commonwatir (4.0.0)
    diff-lcs (1.2.5)
    ffi (1.9.3)
    i18n (0.6.5)
    minitest (4.7.5)
    multi_json (1.8.2)
    rspec (2.14.1)
      rspec-core (~> 2.14.0)
      rspec-expectations (~> 2.14.0)
      rspec-mocks (~> 2.14.0)
    rspec-core (2.14.7)
    rspec-expectations (2.14.4)
      diff-lcs (>= 1.1.3, < 2.0)
    rspec-mocks (2.14.4)
    rubyzip (1.0.0)
    selenium-webdriver (2.37.0)
      childprocess (>= 0.2.5)
      multi_json (~> 1.0)
      rubyzip (~> 1.0.0)
      websocket (~> 1.0.4)
    settingslogic (2.0.9)
    thread_safe (0.1.3)
      atomic
    tzinfo (0.3.38)
    watir (5.0.0)
      commonwatir (~> 4)
      watir-webdriver
    watir-rspec (1.1.0)
      rspec (~> 2.0)
      watir (~> 5.0)
    watir-webdriver (0.6.4)
      selenium-webdriver (>= 2.18.0)
    websocket (1.0.7)

PLATFORMS
  ruby

DEPENDENCIES
  activesupport (~> 4.0.0)
  minitest (~> 4.2)
  settingslogic (~> 2.0.9)
  watir (~> 5.0.0)
  watir-rspec
  watir-webdriver (~> 0.6.4)
